NRRD0004
# Complete NRRD file format specification at:
# http://teem.sourceforge.net/nrrd/format.html
type: short
dimension: 3
space: left-posterior-superior
sizes: 256 256 176
space directions: (0,1,0) (0,0,-1) (-1,0,0)
kinds: domain domain domain
endian: little
encoding: gzip
space origin: (87.5,-127.5,127.5)
data file: 023_NAA_006-t1w-realign.raw.gz
