NRRD0004
# Complete NRRD file format specification at:
# http://teem.sourceforge.net/nrrd/format.html
type: short
dimension: 3
space: left-posterior-superior
sizes: 256 256 54
space directions: (1,0,0) (0,1,0) (0,0,3)
kinds: domain domain domain
endian: little
encoding: gzip
space origin: (-125.578690,-134.053268,-45.601696)
data file: 023_NAA_006-t2w.raw.gz
